PATH
  remote: .
  specs:
    airstream (0.4.9)
      airplay (~> 0.2.9)
      rack (~> 1.5.2)
      ruby-progressbar (~> 1.7.5)
      webrick (~> 1.3.1)

GEM
  remote: https://rubygems.org/
  specs:
    airplay (0.2.9)
      dnssd (~> 2.0)
      net-http-digest_auth (~> 1.2)
      net-http-persistent (>= 2.6)
    aruba (0.6.2)
      childprocess (>= 0.3.6)
      cucumber (>= 1.1.1)
      rspec-expectations (>= 2.7.0)
    builder (3.2.2)
    childprocess (0.5.5)
      ffi (~> 1.0, >= 1.0.11)
    colored (1.2)
    coveralls (0.7.11)
      multi_json (~> 1.10)
      rest-client (>= 1.6.8, < 2)
      simplecov (~> 0.9.1)
      term-ansicolor (~> 1.3)
      thor (~> 0.19.1)
    cucumber (1.3.19)
      builder (>= 2.1.2)
      diff-lcs (>= 1.1.3)
      gherkin (~> 2.12)
      multi_json (>= 1.7.5, < 2.0)
      multi_test (>= 0.1.2)
    diff-lcs (1.2.5)
    dnssd (2.0.1)
    docile (1.1.5)
    ffi (1.9.8)
    gherkin (2.12.2)
      multi_json (~> 1.3)
    mime-types (2.4.3)
    minitest (5.5.1)
    multi_json (1.11.0)
    multi_test (0.1.2)
    net-http-digest_auth (1.4)
    net-http-persistent (2.9.4)
    netrc (0.10.3)
    oj (2.12.1)
    rack (1.5.3)
    rake (10.4.2)
    rake-notes (0.2.0)
      colored
      rake
    rest-client (1.7.3)
      mime-types (>= 1.16, < 3.0)
      netrc (~> 0.7)
    rspec-expectations (3.2.0)
      diff-lcs (>= 1.2.0, < 2.0)
      rspec-support (~> 3.2.0)
    rspec-support (3.2.2)
    ruby-progressbar (1.7.5)
    simplecov (0.9.2)
      docile (~> 1.1.0)
      multi_json (~> 1.0)
      simplecov-html (~> 0.9.0)
    simplecov-html (0.9.0)
    term-ansicolor (1.3.0)
      tins (~> 1.0)
    thor (0.19.1)
    tins (1.3.5)
    webrick (1.3.1)

PLATFORMS
  ruby

DEPENDENCIES
  airstream!
  aruba
  coveralls
  minitest
  oj
  rake
  rake-notes
